GEM
  remote: https://rubygems.org/
  specs:
    chunky_png (1.3.8)
    compass (0.13.alpha.12)
      chunky_png (~> 1.2)
      json
      listen (~> 1.1.0)
      sass (~> 3.3.0.rc.1)
    ffi (1.9.18)
    json (2.1.0)
    listen (1.1.6)
      rb-fsevent (>= 0.9.3)
      rb-inotify (>= 0.9)
      rb-kqueue (>= 0.2)
    mustermann (1.0.1)
    rack (1.6.8)
    rack-protection (1.5.3)
      rack
    rb-fsevent (0.10.2)
    rb-inotify (0.9.10)
      ffi (>= 0.5.0, < 2)
    rb-kqueue (0.2.5)
      ffi (>= 0.5.0)
    sass (3.3.14)
    shotgun (0.9.2)
      rack (>= 1.0)
    sinatra (1.4.8)
      rack (~> 1.5)
      rack-protection (~> 1.4)
      tilt (>= 1.3, < 3)
    sinatra-respond_to (0.9.0)
      sinatra (~> 1.3)
    tilt (2.0.8)

PLATFORMS
  ruby

DEPENDENCIES
  chunky_png
  compass (~> 0.13.alpha.2)
  rack
  shotgun
  sinatra
  sinatra-respond_to

RUBY VERSION
   ruby 2.4.0p0

BUNDLED WITH
   1.15.1
