GEM
  remote: https://rubygems.org/
  specs:
    chunky_png (1.3.7)
    compass (0.13.alpha.12)
      chunky_png (~> 1.2)
      json
      listen (~> 1.1.0)
      sass (~> 3.3.0.rc.1)
    ffi (1.9.14)
    json (2.0.2)
    listen (1.1.6)
      rb-fsevent (>= 0.9.3)
      rb-inotify (>= 0.9)
      rb-kqueue (>= 0.2)
    rack (1.6.4)
    rack-protection (1.5.3)
      rack
    rb-fsevent (0.9.8)
    rb-inotify (0.9.7)
      ffi (>= 0.5.0)
    rb-kqueue (0.2.4)
      ffi (>= 0.5.0)
    sass (3.3.14)
    sinatra (1.4.7)
      rack (~> 1.5)
      rack-protection (~> 1.4)
      tilt (>= 1.3, < 3)
    sinatra-respond_to (0.9.0)
      sinatra (~> 1.3)
    tilt (2.0.5)

PLATFORMS
  ruby

DEPENDENCIES
  compass (~> 0.13.alpha.2)
  sinatra
  sinatra-respond_to

RUBY VERSION
   ruby 2.3.0p0

BUNDLED WITH
   1.13.6
